GEM
  remote: https://rubygems.org/
  specs:
    power_assert (2.0.1)
    rake (13.0.6)
    test-unit (3.5.7)
      power_assert

PLATFORMS
  x86_64-linux

DEPENDENCIES
  rake (~> 13.0, >= 13.0.6)
  test-unit (~> 3.5, >= 3.5.7)

BUNDLED WITH
   2.4.6
